GEM
  remote: http://rubygems.org/
  specs:
    RubyInline (3.8.4)
      ZenTest
    ZenTest (4.3.3)
    actionmailer (2.3.8)
      actionpack (= 2.3.8)
    actionpack (2.3.8)
      activesupport (= 2.3.8)
      rack (~> 1.1.0)
    activerecord (2.3.8)
      activesupport (= 2.3.8)
    activeresource (2.3.8)
      activesupport (= 2.3.8)
    activesupport (2.3.8)
    aws-s3 (0.6.2)
      builder
      mime-types
      xml-simple
    base32 (0.1.2)
    bistro_car (0.2.2)
      jsmin (>= 1.0.1)
    builder (2.1.2)
    capistrano (2.8.0)
      highline
      net-scp (>= 1.0.0)
      net-sftp (>= 2.0.0)
      net-ssh (>= 2.0.14)
      net-ssh-gateway (>= 1.1.0)
    haml (3.0.17)
    highline (1.6.2)
    image_science (1.2.1)
    jsmin (1.0.1)
    memcache-client (1.8.5)
    mime-types (1.16)
    net-scp (1.0.4)
      net-ssh (>= 1.99.1)
    net-sftp (2.0.5)
      net-ssh (>= 2.0.9)
    net-ssh (2.2.1)
    net-ssh-gateway (1.1.0)
      net-ssh (>= 1.99.1)
    newrelic_rpm (2.12.3)
    rack (1.1.0)
    rails (2.3.8)
      actionmailer (= 2.3.8)
      actionpack (= 2.3.8)
      activerecord (= 2.3.8)
      activeresource (= 2.3.8)
      activesupport (= 2.3.8)
      rake (>= 0.8.3)
    rake (0.8.7)
    sqlite3-ruby (1.3.1)
    system_timer (1.0)
    xml-simple (1.0.12)

PLATFORMS
  ruby

DEPENDENCIES
  RubyInline
  aws-s3
  base32
  bistro_car
  bundler
  capistrano
  haml
  image_science
  memcache-client
  newrelic_rpm
  rails (~> 2)
  sqlite3-ruby
  system_timer
